PATH
  remote: .
  specs:
    name_of_person (1.1.1)
      activesupport (= 6.1.4.1)

GEM
  remote: https://rubygems.org/
  specs:
    activemodel (6.1.4.1)
      activesupport (= 6.1.4.1)
    activesupport (6.1.4.1)
      concurrent-ruby (~> 1.0, >= 1.0.2)
      i18n (>= 1.6, < 2)
      minitest (>= 5.1)
      tzinfo (~> 2.0)
      zeitwerk (~> 2.3)
    byebug (11.1.3)
    concurrent-ruby (1.1.9)
    i18n (1.8.11)
      concurrent-ruby (~> 1.0)
    minitest (5.15.0)
    rake (13.0.6)
    tzinfo (2.0.4)
      concurrent-ruby (~> 1.0)
    zeitwerk (2.5.3)

PLATFORMS
  arm64-darwin-20

DEPENDENCIES
  activemodel (= 6.1.4.1)
  bundler (~> 2.2)
  byebug
  name_of_person!
  rake

BUNDLED WITH
   2.2.16
